GEM
  remote: https://rubygems.org/
  specs:
    cvs (0.1.0)
    fileutils (1.1.0)
    htmlentities (4.3.4)
    image_size (2.0.0)
    mini_portile2 (2.4.0)
    nokogiri (1.10.1-x64-mingw32)
      mini_portile2 (~> 2.4.0)
    rake (12.3.2)

PLATFORMS
  x64-mingw32

DEPENDENCIES
  bundler
  cvs
  fileutils
  htmlentities
  image_size (~> 2.0)
  nokogiri
  rake

BUNDLED WITH
   2.0.1
